GEM
  remote: https://rubygems.org/
  specs:
    coderay (1.1.3)
    method_source (1.0.0)
    pg (1.2.3)
    pry (0.13.1)
      coderay (~> 1.1)
      method_source (~> 1.0)

PLATFORMS
  ruby

DEPENDENCIES
  pg
  pry

RUBY VERSION
   ruby 2.6.3p62

BUNDLED WITH
   2.1.4
